GEM
  remote: https://rubygems.org/
  specs:
    bcrypt-ruby (3.0.1)
    haml (4.0.0)
      tilt
    i18n (0.6.4)
    json (1.7.7)
    mail (2.5.3)
      i18n (>= 0.4.0)
      mime-types (~> 1.16)
      treetop (~> 1.4.8)
    mime-types (1.23)
    polyglot (0.3.3)
    pony (1.4)
      mail (> 2.0)
    rack (1.5.2)
    rack-protection (1.3.2)
      rack
    redis (3.0.2)
    sinatra (1.3.4)
      rack (~> 1.4)
      rack-protection (~> 1.3)
      tilt (~> 1.3, >= 1.3.3)
    tilt (1.3.3)
    treetop (1.4.12)
      polyglot
      polyglot (>= 0.3.1)

PLATFORMS
  ruby

DEPENDENCIES
  bcrypt-ruby
  haml
  json
  pony
  redis
  sinatra
