GEM
  remote: https://rubygems.org/
  specs:
    bcrypt-ruby (3.0.1)
    haml (4.0.0)
      tilt
    json (1.7.7)
    rack (1.5.2)
    rack-protection (1.3.2)
      rack
    redis (3.0.2)
    sinatra (1.3.4)
      rack (~> 1.4)
      rack-protection (~> 1.3)
      tilt (~> 1.3, >= 1.3.3)
    tilt (1.3.3)

PLATFORMS
  ruby

DEPENDENCIES
  bcrypt-ruby
  haml
  json
  redis
  sinatra
